GEM
  remote: https://rubygems.org/
  specs:
    commonmarker (0.23.10)
    json (2.6.3)
    mustermann (3.0.0)
      ruby2_keywords (~> 0.0.1)
    nio4r (2.6.1)
    puma (6.4.0)
      nio4r (~> 2.0)
    puppeteer (0.0.1)
    rack (2.2.8)
    rack-protection (3.1.0)
      rack (~> 2.2, >= 2.2.4)
    rake (13.1.0)
    ruby2_keywords (0.0.5)
    sinatra (3.1.0)
      mustermann (~> 3.0)
      rack (~> 2.2, >= 2.2.4)
      rack-protection (= 3.1.0)
      tilt (~> 2.0)
    tilt (2.3.0)

PLATFORMS
  x86_64-linux

DEPENDENCIES
  commonmarker
  json
  puma
  puppeteer
  rake (~> 13.0)
  sinatra

BUNDLED WITH
   2.4.22
