GEM
  remote: https://rubygems.org/
  specs:
    cgi (0.4.1)
    commonmarker (0.23.10)
    concurrent-ruby (1.2.2)
    erb (4.0.4)
      cgi (>= 0.3.3)
    mime-types (3.5.1)
      mime-types-data (~> 3.2015)
    mime-types-data (3.2023.1003)
    optparse (0.5.0)
    puppeteer-ruby (0.45.3)
      concurrent-ruby (>= 1.1, < 1.3)
      mime-types (>= 3.0)
      websocket-driver (>= 0.6.0)
    tomlrb (2.0.3)
    websocket-driver (0.7.6)
      websocket-extensions (>= 0.1.0)
    websocket-extensions (0.1.5)

PLATFORMS
  amd64-freebsd-14
  x86_64-linux

DEPENDENCIES
  commonmarker
  erb
  optparse
  puppeteer-ruby
  tomlrb

BUNDLED WITH
   2.4.22
